GEM
  remote: https://rubygems.org/
  specs:
    curb (0.9.10)
    hue (0.2.0)
      curb
      json
      log_switch (= 0.4.0)
      thor
    json (2.3.0)
    log_switch (0.4.0)
    thor (1.0.1)

PLATFORMS
  ruby

DEPENDENCIES
  hue

BUNDLED WITH
   1.17.3
